GIT
  remote: http://github.com/shorowit/schematron.git
  revision: 1e67cecdd563ef2b82a4b0b0a3922b2d67b55c97
  specs:
    schematron (1.1.3)
      libxml-ruby
      libxslt-ruby (>= 0.9.1)
      semver (~> 0.2.0)

GEM
  remote: http://rubygems.org/
  specs:
    ansi (1.5.0)
    ast (2.4.1)
    builder (3.2.4)
    ci_reporter (2.0.0)
      builder (>= 2.1.2)
    ci_reporter_minitest (1.0.0)
      ci_reporter (~> 2.0)
      minitest (~> 5.0)
    codecov (0.2.0)
      colorize
      json
      simplecov
    colorize (0.8.1)
    docile (1.3.2)
    json (2.3.1)
    libxml-ruby (3.2.0-x64-mingw32)
    libxslt-ruby (1.2.0-x64-mingw32)
      libxml-ruby (>= 2.4.0)
    mini_portile2 (2.4.0)
    minitest (5.14.1)
    minitest-ci (3.4.0)
      minitest (>= 5.0.6)
    minitest-reporters (1.4.2)
      ansi
      builder
      minitest (>= 5.0)
      ruby-progressbar
    nokogiri (1.10.10-x64-mingw32)
      mini_portile2 (~> 2.4.0)
    oga (3.2)
      ast
      ruby-ll (~> 2.1)
    rake (13.0.1)
    ruby-ll (2.1.2)
      ansi
      ast
    ruby-progressbar (1.10.1)
    semver (0.2.2)
    simplecov (0.18.5)
      docile (~> 1.1)
      simplecov-html (~> 0.11)
    simplecov-html (0.12.2)

PLATFORMS
  x64-mingw32

DEPENDENCIES
  ci_reporter_minitest (~> 1.0.0)
  codecov
  minitest (~> 5.9)
  minitest-ci
  minitest-reporters
  nokogiri (~> 1.10)
  oga
  rake
  schematron!
  simplecov

BUNDLED WITH
   2.1.4
