GEM
  remote: http://rubygems.org/
  specs:
    ansi (1.5.0)
    ast (2.4.1)
    builder (3.2.4)
    docile (1.3.2)
    mini_portile2 (2.4.0)
    minitest (5.14.2)
    minitest-reporters (1.4.2)
      ansi
      builder
      minitest (>= 5.0)
      ruby-progressbar
    nokogiri (1.10.10)
      mini_portile2 (~> 2.4.0)
    oga (3.3)
      ast
      ruby-ll (~> 2.1)
    parallel (1.20.1)
    rake (13.0.1)
    ruby-ll (2.1.2)
      ansi
      ast
    ruby-progressbar (1.10.1)
    simplecov (0.19.0)
      docile (~> 1.1)
      simplecov-html (~> 0.11)
    simplecov-html (0.12.3)

PLATFORMS
  ruby

DEPENDENCIES
  minitest (~> 5.9)
  minitest-reporters
  nokogiri (~> 1.10)
  oga
  parallel
  rake
  simplecov
  simplecov-html

BUNDLED WITH
   2.1.4
